GEM
  specs:
    coderay (1.1.2)
    concurrent-ruby (1.1.6)
    faker (2.12.0)
      i18n (>= 1.6, < 2)
    i18n (1.8.2)
      concurrent-ruby (~> 1.0)
    method_source (1.0.0)
    pry (0.13.1)
      coderay (~> 1.1)
      method_source (~> 1.0)
    sqlite3 (1.4.2)

PLATFORMS
  ruby

DEPENDENCIES
  faker
  pry
  sqlite3

BUNDLED WITH
   2.0.1
